GIT
  remote: https://github.com/khustochka/pjax_rails.git
  revision: e79752e59f6916dec6ee2b63142e19fa5bcca54f
  branch: trailing-ampersand-fix
  specs:
    pjax_rails (0.5.0)
      jquery-rails
      railties (>= 3.2, < 6.0)

GEM
  remote: https://rubygems.org/
  specs:
    RedCloth (4.3.2)
    actionmailer (5.0.1)
      actionpack (= 5.0.1)
      actionview (= 5.0.1)
      activejob (= 5.0.1)
      mail (~> 2.5, >= 2.5.4)
      rails-dom-testing (~> 2.0)
    actionpack (5.0.1)
      actionview (= 5.0.1)
      activesupport (= 5.0.1)
      rack (~> 2.0)
      rack-test (~> 0.6.3)
      rails-dom-testing (~> 2.0)
      rails-html-sanitizer (~> 1.0, >= 1.0.2)
    actionpack-page_caching (1.1.0)
      actionpack (>= 4.0.0, < 6)
    actionview (5.0.1)
      activesupport (= 5.0.1)
      builder (~> 3.1)
      erubis (~> 2.7.0)
      rails-dom-testing (~> 2.0)
      rails-html-sanitizer (~> 1.0, >= 1.0.2)
    activejob (5.0.1)
      activesupport (= 5.0.1)
      globalid (>= 0.3.6)
    activemodel (5.0.1)
      activesupport (= 5.0.1)
    activerecord (5.0.1)
      activemodel (= 5.0.1)
      activesupport (= 5.0.1)
      arel (~> 7.0)
    activesupport (5.0.1)
      concurrent-ruby (~> 1.0, >= 1.0.2)
      i18n (~> 0.7)
      minitest (~> 5.1)
      tzinfo (~> 1.1)
    addressable (2.5.0)
      public_suffix (~> 2.0, >= 2.0.2)
    airbrake (5.7.0)
      airbrake-ruby (~> 1.7)
    airbrake-ruby (1.7.1)
    ancestry (2.2.2)
      activerecord (>= 3.0.0)
    arel (7.1.4)
    benchmark-ips (2.7.2)
    builder (3.2.3)
    byebug (9.0.6)
    capybara (2.12.0)
      addressable
      mime-types (>= 1.16)
      nokogiri (>= 1.3.3)
      rack (>= 1.0.0)
      rack-test (>= 0.5.4)
      xpath (~> 2.0)
    capybara-webkit (1.12.0)
      capybara (>= 2.3.0, < 2.13.0)
      json
    childprocess (0.6.1)
      ffi (~> 1.0, >= 1.0.11)
    coderay (1.1.1)
    coffee-rails (4.2.1)
      coffee-script (>= 2.2.0)
      railties (>= 4.0.0, < 5.2.x)
    coffee-script (2.4.1)
      coffee-script-source
      execjs
    coffee-script-source (1.12.2)
    concurrent-ruby (1.0.4)
    docile (1.1.5)
    dotenv (2.2.0)
    dotenv-rails (2.2.0)
      dotenv (= 2.2.0)
      railties (>= 3.2, < 5.1)
    erubis (2.7.0)
    execjs (2.7.0)
    factory_girl (4.8.0)
      activesupport (>= 3.0.0)
    factory_girl_rails (4.8.0)
      factory_girl (~> 4.8.0)
      railties (>= 3.0.0)
    ffi (1.9.17)
    flickraw (0.9.9)
    font-awesome-sass (4.7.0)
      sass (>= 3.2)
    foreman (0.83.0)
      thor (~> 0.19.1)
    globalid (0.3.7)
      activesupport (>= 4.1.0)
    haml (4.0.7)
      tilt
    haml-contrib (1.0.0.1)
      haml (>= 3.2.0.alpha.13)
    haml-rails (0.9.0)
      actionpack (>= 4.0.1)
      activesupport (>= 4.0.1)
      haml (>= 4.0.6, < 5.0)
      html2haml (>= 1.0.1)
      railties (>= 4.0.1)
    hashie (3.5.1)
    high_voltage (3.0.0)
    html2haml (2.1.0)
      erubis (~> 2.7.0)
      haml (~> 4.0)
      nokogiri (>= 1.6.0)
      ruby_parser (~> 3.5)
    i18n (0.8.0)
    jquery-rails (4.2.2)
      rails-dom-testing (>= 1, < 3)
      railties (>= 4.2.0)
      thor (>= 0.14, < 2.0)
    json (2.0.3)
    kaminari (1.0.1)
      activesupport (>= 4.1.0)
      kaminari-actionview (= 1.0.1)
      kaminari-activerecord (= 1.0.1)
      kaminari-core (= 1.0.1)
    kaminari-actionview (1.0.1)
      actionview
      kaminari-core (= 1.0.1)
    kaminari-activerecord (1.0.1)
      activerecord
      kaminari-core (= 1.0.1)
    kaminari-core (1.0.1)
    launchy (2.4.3)
      addressable (~> 2.3)
    livejournal (0.3.10)
    loofah (2.0.3)
      nokogiri (>= 1.5.9)
    mail (2.6.4)
      mime-types (>= 1.16, < 4)
    method_source (0.8.2)
    mime-types (3.1)
      mime-types-data (~> 3.2015)
    mime-types-data (3.2016.0521)
    mini_portile2 (2.1.0)
    minitest (5.10.1)
    newrelic_rpm (3.18.0.329)
    nokogiri (1.7.0.1)
      mini_portile2 (~> 2.1.0)
    ordered-active-record (0.9.10)
      activerecord (>= 3)
    pg (0.19.0)
    pry (0.10.4)
      coderay (~> 1.1.0)
      method_source (~> 0.8.1)
      slop (~> 3.4)
    pry-byebug (3.4.2)
      byebug (~> 9.0)
      pry (~> 0.10)
    pry-rails (0.3.4)
      pry (>= 0.9.10)
    public_suffix (2.0.5)
    puma (3.7.0)
    rack (2.0.1)
    rack-test (0.6.3)
      rack (>= 1.0)
    rails-controller-testing (1.0.1)
      actionpack (~> 5.x)
      actionview (~> 5.x)
      activesupport (~> 5.x)
    rails-dom-testing (2.0.2)
      activesupport (>= 4.2.0, < 6.0)
      nokogiri (~> 1.6)
    rails-html-sanitizer (1.0.3)
      loofah (~> 2.0)
    rails-i18n (5.0.2)
      i18n (~> 0.7)
      railties (~> 5.0)
    railties (5.0.1)
      actionpack (= 5.0.1)
      activesupport (= 5.0.1)
      method_source
      rake (>= 0.8.7)
      thor (>= 0.18.1, < 2.0)
    rake (12.0.0)
    respond-js-rails (1.4.2.2)
      railties (>= 4.0, < 5.1)
    rinku (2.0.2)
    roman-numerals (0.3.0)
    ruby_parser (3.8.4)
      sexp_processor (~> 4.1)
    rubyzip (1.2.0)
    sass (3.4.23)
    sass-rails (5.0.6)
      railties (>= 4.0.0, < 6)
      sass (~> 3.1)
      sprockets (>= 2.8, < 4.0)
      sprockets-rails (>= 2.0, < 4.0)
      tilt (>= 1.1, < 3)
    selenium-webdriver (3.0.5)
      childprocess (~> 0.5)
      rubyzip (~> 1.0)
      websocket (~> 1.0)
    sexp_processor (4.8.0)
    simple_form (3.4.0)
      actionpack (> 4, < 5.1)
      activemodel (> 4, < 5.1)
    simplecov (0.13.0)
      docile (~> 1.1.0)
      json (>= 1.8, < 3)
      simplecov-html (~> 0.10.0)
    simplecov-html (0.10.0)
    slop (3.6.0)
    sprockets (3.7.1)
      concurrent-ruby (~> 1.0)
      rack (> 1, < 3)
    sprockets-rails (3.2.0)
      actionpack (>= 4.0)
      activesupport (>= 4.0)
      sprockets (>= 3.0.0)
    thor (0.19.4)
    thread_safe (0.3.5)
    tilt (2.0.6)
    tzinfo (1.2.2)
      thread_safe (~> 0.1)
    uglifier (3.0.4)
      execjs (>= 0.3.0, < 3)
    websocket (1.2.4)
    xpath (2.0.0)
      nokogiri (~> 1.3)

PLATFORMS
  ruby

DEPENDENCIES
  RedCloth
  actionmailer (= 5.0.1)
  actionpack (= 5.0.1)
  actionpack-page_caching (~> 1.1)
  actionview (= 5.0.1)
  activemodel (= 5.0.1)
  activerecord (= 5.0.1)
  activesupport (= 5.0.1)
  addressable
  airbrake
  ancestry
  benchmark-ips
  capybara
  capybara-webkit
  coffee-rails
  dotenv-rails
  factory_girl_rails (~> 4.0)
  flickraw (~> 0.9.7)
  font-awesome-sass
  foreman
  haml (~> 4.0.4)
  haml-contrib
  haml-rails
  hashie
  high_voltage
  jquery-rails
  kaminari
  launchy
  livejournal (~> 0.3.9)
  newrelic_rpm
  nokogiri
  ordered-active-record
  pg
  pjax_rails!
  pry-byebug
  pry-rails
  puma
  rails-controller-testing
  rails-i18n
  railties (= 5.0.1)
  respond-js-rails
  rinku
  roman-numerals
  sass-rails (~> 5.0)
  selenium-webdriver
  simple_form
  simplecov
  sprockets-rails
  uglifier (>= 1.3.0)

RUBY VERSION
   ruby 2.4.0p0

BUNDLED WITH
   1.14.3
